GEM
  remote: https://rubygems.org/
  specs:
    RedCloth (3.0.4)
    coderay (1.1.3)
    ftools (0.0.0)
    gash (0.1.4)
      open4 (>= 0.9.6)
    grancher (0.1)
      gash
    method_source (1.0.0)
    ncurses-ruby (1.2.4)
    open4 (1.3.4)
    pry (0.14.1)
      coderay (~> 1.1)
      method_source (~> 1.0)
    rake (0.9.6)
    zeitwerk (2.5.4)

PLATFORMS
  ruby

DEPENDENCIES
  RedCloth (= 3.0.4)
  ftools
  grancher (= 0.1)
  ncurses-ruby
  pry
  rake (~> 0.9.6)
  zeitwerk

BUNDLED WITH
   1.17.2
