GEM
  remote: https://rubygems.org/
  specs:
    RedCloth (3.0.4)
    gash (0.1.4)
      open4 (>= 0.9.6)
    grancher (0.1)
      gash
    open4 (1.3.4)
    rake (0.9.6)

PLATFORMS
  ruby

DEPENDENCIES
  RedCloth (= 3.0.4)
  grancher (= 0.1)
  rake (~> 0.9.6)

BUNDLED WITH
   1.17.2
